NUGET
  remote: https://www.nuget.org/api/v2
    FAKE (4.29.2)
    ilmerge (2.14.1208)
    NuGet.CommandLine (3.4.3)
